PATH
  remote: .
  specs:
    firering (1.4.0)
      em-http-request (~> 1.0.3)
      eventmachine (~> 1.0.3)
      yajl-ruby (~> 1.1.0)

GEM
  remote: https://rubygems.org/
  specs:
    addressable (2.3.6)
    cookiejar (0.3.2)
    daemons (1.1.9)
    diff-lcs (1.1.3)
    em-http-request (1.0.3)
      addressable (>= 2.2.3)
      cookiejar
      em-socksify
      eventmachine (>= 1.0.0.beta.4)
      http_parser.rb (>= 0.5.3)
    em-socksify (0.3.0)
      eventmachine (>= 1.0.0.beta.4)
    eventmachine (1.0.3)
    http_parser.rb (0.6.0)
    rack (1.5.2)
    rake (10.2.2)
    rspec (2.6.0)
      rspec-core (~> 2.6.0)
      rspec-expectations (~> 2.6.0)
      rspec-mocks (~> 2.6.0)
    rspec-core (2.6.4)
    rspec-expectations (2.6.0)
      diff-lcs (~> 1.1.2)
    rspec-mocks (2.6.0)
    thin (1.2.11)
      daemons (>= 1.0.9)
      eventmachine (>= 0.12.6)
      rack (>= 1.0.0)
    yajl-ruby (1.1.0)

PLATFORMS
  ruby

DEPENDENCIES
  firering!
  rack (>= 1.2.0)
  rake
  rspec (~> 2.6.0)
  thin (~> 1.2.0)
